GEM
  remote: https://rubygems.org/
  specs:
    atomic (1.1.99)
    atomic (1.1.99-java)
    hamster (1.0.0)
      atomic (~> 1.1)
    puma (2.12.2)
    puma (2.12.2-java)
    rack (1.6.4)

PLATFORMS
  java
  ruby

DEPENDENCIES
  hamster
  puma
  rack

BUNDLED WITH
   1.10.6
