GIT
  remote: https://github.com/hamstergem/hamster.git
  revision: 2c9b88b2486ce8b4063eb3d57ca94f31f924f63c
  specs:
    hamster (1.0.0)
      concurrent-ruby (~> 0.8)

GIT
  remote: https://github.com/rack/rack.git
  revision: 028438ffffd95ce1f6197d38c04fa5ea6a034a85
  specs:
    rack (2.0.0.alpha)
      json

GEM
  remote: https://rubygems.org/
  specs:
    concurrent-ruby (0.9.1)
    concurrent-ruby (0.9.1-java)
    execjs (2.6.0)
    json (1.8.3)
    json (1.8.3-java)
    mysql2 (0.3.19)
    puma (2.12.2)
    puma (2.12.2-java)
    redis (3.2.1)
    tubesock (0.2.5)
      rack (>= 1.5.0)
      websocket (>= 1.1.0)
    websocket (1.2.2)

PLATFORMS
  java
  ruby

DEPENDENCIES
  execjs
  hamster!
  mysql2
  puma
  rack!
  redis
  tubesock

BUNDLED WITH
   1.10.6
